PATH
  remote: .
  specs:
    rails-pg-extras-web (1.4.0)
      pg (~> 1.2)
      rails-pg-extras (~> 1.4.0)

GEM
  remote: https://rubygems.org/
  specs:
    activemodel (6.1.1)
      activesupport (= 6.1.1)
    activerecord (6.1.1)
      activemodel (= 6.1.1)
      activesupport (= 6.1.1)
    activesupport (6.1.1)
      concurrent-ruby (~> 1.0, >= 1.0.2)
      i18n (>= 1.6, < 2)
      minitest (>= 5.1)
      tzinfo (~> 2.0)
      zeitwerk (~> 2.3)
    concurrent-ruby (1.1.8)
    i18n (1.8.8)
      concurrent-ruby (~> 1.0)
    minitest (5.14.3)
    pg (1.2.3)
    rails-pg-extras (1.4.0)
      activerecord
      ruby-pg-extras (= 1.4.0)
    ruby-pg-extras (1.4.0)
      pg
      terminal-table
    terminal-table (3.0.0)
      unicode-display_width (~> 1.1, >= 1.1.1)
    tzinfo (2.0.4)
      concurrent-ruby (~> 1.0)
    unicode-display_width (1.7.0)
    zeitwerk (2.4.2)

PLATFORMS
  ruby

DEPENDENCIES
  rails-pg-extras-web!

BUNDLED WITH
   2.1.4
